GEM
  remote: https://rubygems.org/
  specs:
    addressable (2.4.0)
    coderay (1.1.0)
    faraday (0.9.2)
      multipart-post (>= 1.2, < 3)
    fastimage (2.0.0)
      addressable (~> 2)
    hashie (3.4.6)
    metaclass (0.0.4)
    method_source (0.8.2)
    minitest (5.7.0)
    mocha (1.1.0)
      metaclass (~> 0.0.1)
    multi_json (1.12.1)
    multipart-post (2.0.0)
    oj (2.17.4)
    pry (0.10.1)
      coderay (~> 1.1.0)
      method_source (~> 0.8.1)
      slop (~> 3.4)
    rake (10.4.2)
    redd (0.7.10)
      faraday (~> 0.9)
      fastimage (~> 2.0)
      hashie (~> 3.4)
      multi_json (~> 1.12)
    slop (3.6.0)

PLATFORMS
  ruby

DEPENDENCIES
  minitest
  mocha
  oj
  pry
  rake
  redd

RUBY VERSION
   ruby 2.3.1p112

BUNDLED WITH
   1.13.1
